GIT
  remote: hao@hao1939.com:/var/git/mifi-card_reader.git
  revision: 5b6275cdaa1403aa5004faf59f65efcfb91ff55c
  branch: master
  specs:
    mifi-card_reader (0.1.1)

GIT
  remote: hao@hao1939.com:/var/git/mifi_crypt.git
  revision: a1b4e1451235e85cbc2c4153347afa529af15510
  tag: v0.0.9
  specs:
    mifi_crypt (0.0.9)

GEM
  remote: https://rubygems.org/
  specs:
    activemodel (4.2.1)
      activesupport (= 4.2.1)
      builder (~> 3.1)
    activerecord (4.2.1)
      activemodel (= 4.2.1)
      activesupport (= 4.2.1)
      arel (~> 6.0)
    activesupport (4.2.1)
      i18n (~> 0.7)
      json (~> 1.7, >= 1.7.7)
      minitest (~> 5.1)
      thread_safe (~> 0.3, >= 0.3.4)
      tzinfo (~> 1.1)
    arel (6.0.0)
    builder (3.2.2)
    celluloid (0.16.0)
      timers (~> 4.0.0)
    chronic (0.10.2)
    coderay (1.1.0)
    connection_pool (2.2.0)
    database_cleaner (1.4.1)
    hitimes (1.2.2)
    i18n (0.7.0)
    json (1.8.2)
    kgio (2.9.3)
    method_source (0.8.2)
    minitest (5.6.0)
    mysql2 (0.3.18)
    pry (0.10.1)
      coderay (~> 1.1.0)
      method_source (~> 0.8.1)
      slop (~> 3.4)
    rack (1.6.0)
    rack-protection (1.5.3)
      rack
    rack-test (0.6.3)
      rack (>= 1.0)
    raindrops (0.13.0)
    rake (10.4.2)
    redis (3.2.1)
    redis-namespace (1.5.2)
      redis (~> 3.0, >= 3.0.4)
    sidekiq (3.3.4)
      celluloid (>= 0.16.0)
      connection_pool (>= 2.1.1)
      json
      redis (>= 3.0.6)
      redis-namespace (>= 1.3.1)
    sinatra (1.4.6)
      rack (~> 1.4)
      rack-protection (~> 1.4)
      tilt (>= 1.3, < 3)
    sinatra-activerecord (2.0.6)
      activerecord (>= 3.2)
      sinatra (~> 1.0)
    slop (3.6.0)
    sqlite3 (1.3.10)
    thread_safe (0.3.5)
    tilt (2.0.1)
    timers (4.0.1)
      hitimes
    tzinfo (1.2.2)
      thread_safe (~> 0.1)
    unicorn (4.9.0)
      kgio (~> 2.6)
      rack
      raindrops (~> 0.7)
    whenever (0.9.4)
      chronic (>= 0.6.3)

PLATFORMS
  ruby

DEPENDENCIES
  database_cleaner
  mifi-card_reader!
  mifi_crypt!
  minitest
  mysql2
  pry
  rack-test
  rake
  sidekiq
  sinatra
  sinatra-activerecord
  sqlite3
  unicorn
  whenever
